PATH
  remote: .
  specs:
    puma-status (1.3)
      colorize (~> 0.8)
      net_http_unix (~> 0.2)
      parallel (~> 1)

GEM
  remote: https://rubygems.org/
  specs:
    climate_control (0.2.0)
    colorize (0.8.1)
    diff-lcs (1.3)
    net_http_unix (0.2.2)
    parallel (1.19.1)
    rspec (3.9.0)
      rspec-core (~> 3.9.0)
      rspec-expectations (~> 3.9.0)
      rspec-mocks (~> 3.9.0)
    rspec-core (3.9.1)
      rspec-support (~> 3.9.1)
    rspec-expectations (3.9.0)
      diff-lcs (>= 1.2.0, < 2.0)
      rspec-support (~> 3.9.0)
    rspec-mocks (3.9.1)
      diff-lcs (>= 1.2.0, < 2.0)
      rspec-support (~> 3.9.0)
    rspec-support (3.9.2)
    timecop (0.9.4)

PLATFORMS
  ruby

DEPENDENCIES
  climate_control (~> 0.2)
  puma-status!
  rspec (~> 3.8)
  timecop (~> 0.9)

BUNDLED WITH
   2.3.5
