PATH
  remote: .
  specs:
    puma-status (1.7)
      net_http_unix (~> 0.2)
      parallel (~> 1)

GEM
  remote: https://rubygems.org/
  specs:
    climate_control (0.2.0)
    diff-lcs (1.5.0)
    net_http_unix (0.2.2)
    parallel (1.25.1)
    rspec (3.12.0)
      rspec-core (~> 3.12.0)
      rspec-expectations (~> 3.12.0)
      rspec-mocks (~> 3.12.0)
    rspec-core (3.12.2)
      rspec-support (~> 3.12.0)
    rspec-expectations (3.12.3)
      diff-lcs (>= 1.2.0, < 2.0)
      rspec-support (~> 3.12.0)
    rspec-mocks (3.12.6)
      diff-lcs (>= 1.2.0, < 2.0)
      rspec-support (~> 3.12.0)
    rspec-support (3.12.1)
    timecop (0.9.8)

PLATFORMS
  ruby

DEPENDENCIES
  climate_control (~> 0.2)
  puma-status!
  rspec (~> 3.8)
  timecop (~> 0.9)

BUNDLED WITH
   2.3.5
